NUGET
  remote: https://www.nuget.org/api/v2
    System.ValueTuple (4.3) - restriction: >= net452
