NUGET
  remote: https://www.nuget.org/api/v2
    FAKE (4.62.6)
    System.ValueTuple (4.3) - restriction: >= net452
